GEM
  remote: http://rubygems.org/
  specs:
    diff-lcs (1.1.2)
    faraday (0.8.4)
      multipart-post (~> 1.1)
    faraday_middleware (0.8.8)
      faraday (>= 0.7.4, < 0.9)
    git (1.2.5)
    guard (0.6.2)
      thor (~> 0.14.6)
    guard-rspec (0.4.2)
      guard (>= 0.4.0)
    hashie (1.2.0)
    jeweler (1.6.4)
      bundler (~> 1.0)
      git (>= 1.2.5)
      rake
    multi_json (1.4.0)
    multipart-post (1.1.5)
    rake (0.9.2)
    rspec (2.3.0)
      rspec-core (~> 2.3.0)
      rspec-expectations (~> 2.3.0)
      rspec-mocks (~> 2.3.0)
    rspec-core (2.3.1)
    rspec-expectations (2.3.0)
      diff-lcs (~> 1.1.2)
    rspec-mocks (2.3.0)
    simple_oauth (0.1.5)
    thor (0.14.6)

PLATFORMS
  ruby

DEPENDENCIES
  bundler (~> 1.2.3)
  faraday (~> 0.8)
  faraday_middleware (~> 0.8.0)
  guard
  guard-rspec
  hashie (~> 1.2.0)
  jeweler (~> 1.6.4)
  multi_json (~> 1.4.0)
  rspec (~> 2.3.0)
  simple_oauth (~> 0.1.5)
